GEM
  remote: https://rubygems.org/
  specs:
    coderay (1.1.3)
    connection_pool (2.4.1)
    method_source (1.0.0)
    oj (3.16.1)
    pry (0.14.2)
      coderay (~> 1.1)
      method_source (~> 1.0)
    redis (5.0.7)
      redis-client (>= 0.9.0)
    redis-client (0.17.0)
      connection_pool

PLATFORMS
  arm64-darwin-22

DEPENDENCIES
  oj
  pry
  redis

BUNDLED WITH
   2.4.10
