GEM
  remote: https://rubygems.org/
  specs:
    connection_pool (2.4.1)
    oj (3.16.1)
    redis (5.0.7)
      redis-client (>= 0.9.0)
    redis-client (0.17.0)
      connection_pool

PLATFORMS
  arm64-darwin-22

DEPENDENCIES
  oj
  redis

BUNDLED WITH
   2.4.10
